GEM
  remote: https://rubygems.org/
  specs:
    activemodel (4.2.9)
      activesupport (= 4.2.9)
      builder (~> 3.1)
    activerecord (4.2.9)
      activemodel (= 4.2.9)
      activesupport (= 4.2.9)
      arel (~> 6.0)
    activesupport (4.2.9)
      i18n (~> 0.7)
      minitest (~> 5.1)
      thread_safe (~> 0.3, >= 0.3.4)
      tzinfo (~> 1.1)
    arel (6.0.4)
    awrence (1.0.0)
    backports (3.10.3)
    builder (3.2.3)
    byebug (9.1.0)
    faker (1.6.3)
      i18n (~> 0.5)
    i18n (0.8.6)
    minitest (5.10.3)
    multi_json (1.12.2)
    mustermann (1.0.1)
    mysql2 (0.4.10)
    plissken (1.2.0)
    puma (3.10.0)
    rack (2.0.3)
    rack-parser (0.7.0)
      rack
    rack-protection (2.0.0)
      rack
    rake (12.3.1)
    sinatra (2.0.0)
      mustermann (~> 1.0)
      rack (~> 2.0)
      rack-protection (= 2.0.0)
      tilt (~> 2.0)
    sinatra-activerecord (2.0.13)
      activerecord (>= 3.2)
      sinatra (>= 1.0)
    sinatra-contrib (2.0.0)
      backports (>= 2.0)
      multi_json
      mustermann (~> 1.0)
      rack-protection (= 2.0.0)
      sinatra (= 2.0.0)
      tilt (>= 1.3, < 3)
    sinatra-cross_origin (0.4.0)
    sqlite3 (1.3.13)
    thread_safe (0.3.6)
    tilt (2.0.8)
    tzinfo (1.2.3)
      thread_safe (~> 0.1)

PLATFORMS
  ruby

DEPENDENCIES
  activesupport
  awrence
  byebug
  faker
  mysql2 (~> 0.4.0)
  plissken
  puma
  rack
  rack-parser
  rake
  sinatra
  sinatra-activerecord
  sinatra-contrib
  sinatra-cross_origin
  sqlite3

BUNDLED WITH
   1.16.3
